GEM
  remote: https://rubygems.org/
  specs:
    Ascii85 (1.0.2)
    afm (0.2.2)
    backports (3.11.1)
    bcrypt (3.1.11)
    colorize (0.8.1)
    concurrent-ruby (1.0.5)
    database_cleaner (1.6.2)
    diff-lcs (1.3)
    epubinfo (0.4.4)
      nokogiri (>= 1.4.2)
      rubyzip (>= 1.0)
    hashery (2.1.2)
    mini_portile2 (2.3.0)
    multi_json (1.13.1)
    mustermann (1.0.2)
    nokogiri (1.8.1)
      mini_portile2 (~> 2.3.0)
    pdf-reader (2.0.0)
      Ascii85 (~> 1.0.0)
      afm (~> 0.2.1)
      hashery (~> 2.0)
      ruby-rc4
      ttfunk
    puma (3.11.2)
    rack (2.0.4)
    rack-protection (2.0.1)
      rack
    rack-test (0.8.2)
      rack (>= 1.0, < 3)
    rake (12.3.0)
    rspec (3.7.0)
      rspec-core (~> 3.7.0)
      rspec-expectations (~> 3.7.0)
      rspec-mocks (~> 3.7.0)
    rspec-core (3.7.0)
      rspec-support (~> 3.7.0)
    rspec-expectations (3.7.0)
      diff-lcs (>= 1.2.0, < 2.0)
      rspec-support (~> 3.7.0)
    rspec-mocks (3.7.0)
      diff-lcs (>= 1.2.0, < 2.0)
      rspec-support (~> 3.7.0)
    rspec-support (3.7.0)
    rspec_sequel_matchers (0.4.0)
      sequel (>= 3.8.0)
    ruby-rc4 (0.1.5)
    rubyzip (1.2.1)
    sequel (5.4.0)
    sinatra (2.0.1)
      mustermann (~> 1.0)
      rack (~> 2.0)
      rack-protection (= 2.0.1)
      tilt (~> 2.0)
    sinatra-contrib (2.0.1)
      backports (>= 2.0)
      multi_json
      mustermann (~> 1.0)
      rack-protection (= 2.0.1)
      sinatra (= 2.0.1)
      tilt (>= 1.3, < 3)
    sqlite3 (1.3.13)
    sucker_punch (2.0.4)
      concurrent-ruby (~> 1.0.0)
    tilt (2.0.8)
    ttfunk (1.5.1)

PLATFORMS
  ruby

DEPENDENCIES
  bcrypt (~> 3.1.11)
  colorize (>= 0.8.1)
  database_cleaner (~> 1.6.2)
  epubinfo (= 0.4.4)
  pdf-reader (~> 2.0.0)
  puma (~> 3.11.2)
  rack-test (~> 0.8.2)
  rake (~> 12.3)
  rspec (~> 3.7)
  rspec_sequel_matchers (~> 0.4)
  sequel (~> 5.4.0)
  sinatra (~> 2.0.1)
  sinatra-contrib (~> 2.0.1)
  sqlite3 (~> 1.3.13)
  sucker_punch (~> 2.0)

BUNDLED WITH
   1.16.1
